GIT
  remote: https://github.com/faker-ruby/faker.git
  revision: f957308276981bb8125e50622f565a7a9e1b4cab
  branch: master
  specs:
    faker (2.11.0)
      i18n (>= 1.6, < 2)

GEM
  remote: https://rubygems.org/
  specs:
    actioncable (6.0.3)
      actionpack (= 6.0.3)
      nio4r (~> 2.0)
      websocket-driver (>= 0.6.1)
    actionmailbox (6.0.3)
      actionpack (= 6.0.3)
      activejob (= 6.0.3)
      activerecord (= 6.0.3)
      activestorage (= 6.0.3)
      activesupport (= 6.0.3)
      mail (>= 2.7.1)
    actionmailer (6.0.3)
      actionpack (= 6.0.3)
      actionview (= 6.0.3)
      activejob (= 6.0.3)
      mail (~> 2.5, >= 2.5.4)
      rails-dom-testing (~> 2.0)
    actionpack (6.0.3)
      actionview (= 6.0.3)
      activesupport (= 6.0.3)
      rack (~> 2.0, >= 2.0.8)
      rack-test (>= 0.6.3)
      rails-dom-testing (~> 2.0)
      rails-html-sanitizer (~> 1.0, >= 1.2.0)
    actiontext (6.0.3)
      actionpack (= 6.0.3)
      activerecord (= 6.0.3)
      activestorage (= 6.0.3)
      activesupport (= 6.0.3)
      nokogiri (>= 1.8.5)
    actionview (6.0.3)
      activesupport (= 6.0.3)
      builder (~> 3.1)
      erubi (~> 1.4)
      rails-dom-testing (~> 2.0)
      rails-html-sanitizer (~> 1.1, >= 1.2.0)
    activejob (6.0.3)
      activesupport (= 6.0.3)
      globalid (>= 0.3.6)
    activemodel (6.0.3)
      activesupport (= 6.0.3)
    activerecord (6.0.3)
      activemodel (= 6.0.3)
      activesupport (= 6.0.3)
    activestorage (6.0.3)
      actionpack (= 6.0.3)
      activejob (= 6.0.3)
      activerecord (= 6.0.3)
      marcel (~> 0.3.1)
    activesupport (6.0.3)
      concurrent-ruby (~> 1.0, >= 1.0.2)
      i18n (>= 0.7, < 2)
      minitest (~> 5.1)
      tzinfo (~> 1.1)
      zeitwerk (~> 2.2, >= 2.2.2)
    addressable (2.7.0)
      public_suffix (>= 2.0.2, < 5.0)
    bcrypt (3.1.13)
    bootsnap (1.4.6)
      msgpack (~> 1.0)
    builder (3.2.4)
    byebug (11.1.3)
    concurrent-ruby (1.1.6)
    crass (1.0.6)
    diff-lcs (1.3)
    erubi (1.9.0)
    factory_bot (5.2.0)
      activesupport (>= 4.2.0)
    factory_bot_rails (5.2.0)
      factory_bot (~> 5.2.0)
      railties (>= 4.2.0)
    faraday (1.0.1)
      multipart-post (>= 1.2, < 3)
    fast_jsonapi (1.5)
      activesupport (>= 4.2)
    ffi (1.12.2)
    globalid (0.4.2)
      activesupport (>= 4.2.0)
    i18n (1.8.2)
      concurrent-ruby (~> 1.0)
    jsonapi_errors_handler (0.2.0)
    listen (3.1.5)
      rb-fsevent (~> 0.9, >= 0.9.4)
      rb-inotify (~> 0.9, >= 0.9.7)
      ruby_dep (~> 1.2)
    loofah (2.5.0)
      crass (~> 1.0.2)
      nokogiri (>= 1.5.9)
    mail (2.7.1)
      mini_mime (>= 0.1.1)
    marcel (0.3.3)
      mimemagic (~> 0.3.2)
    method_source (1.0.0)
    mimemagic (0.3.5)
    mini_mime (1.0.2)
    mini_portile2 (2.4.0)
    minitest (5.14.0)
    msgpack (1.3.3)
    multipart-post (2.1.1)
    nio4r (2.5.2)
    nokogiri (1.10.9)
      mini_portile2 (~> 2.4.0)
    octokit (4.18.0)
      faraday (>= 0.9)
      sawyer (~> 0.8.0, >= 0.5.3)
    pagy (3.8.1)
    pg (1.2.3)
    public_suffix (4.0.5)
    puma (4.3.5)
      nio4r (~> 2.0)
    rack (2.2.2)
    rack-test (1.1.0)
      rack (>= 1.0, < 3)
    rails (6.0.3)
      actioncable (= 6.0.3)
      actionmailbox (= 6.0.3)
      actionmailer (= 6.0.3)
      actionpack (= 6.0.3)
      actiontext (= 6.0.3)
      actionview (= 6.0.3)
      activejob (= 6.0.3)
      activemodel (= 6.0.3)
      activerecord (= 6.0.3)
      activestorage (= 6.0.3)
      activesupport (= 6.0.3)
      bundler (>= 1.3.0)
      railties (= 6.0.3)
      sprockets-rails (>= 2.0.0)
    rails-dom-testing (2.0.3)
      activesupport (>= 4.2.0)
      nokogiri (>= 1.6)
    rails-html-sanitizer (1.3.0)
      loofah (~> 2.3)
    railties (6.0.3)
      actionpack (= 6.0.3)
      activesupport (= 6.0.3)
      method_source
      rake (>= 0.8.7)
      thor (>= 0.20.3, < 2.0)
    rake (13.0.1)
    rb-fsevent (0.10.4)
    rb-inotify (0.10.1)
      ffi (~> 1.0)
    rspec-core (3.9.2)
      rspec-support (~> 3.9.3)
    rspec-expectations (3.9.2)
      diff-lcs (>= 1.2.0, < 2.0)
      rspec-support (~> 3.9.0)
    rspec-mocks (3.9.1)
      diff-lcs (>= 1.2.0, < 2.0)
      rspec-support (~> 3.9.0)
    rspec-rails (4.0.0)
      actionpack (>= 4.2)
      activesupport (>= 4.2)
      railties (>= 4.2)
      rspec-core (~> 3.9)
      rspec-expectations (~> 3.9)
      rspec-mocks (~> 3.9)
      rspec-support (~> 3.9)
    rspec-support (3.9.3)
    ruby_dep (1.5.0)
    sawyer (0.8.2)
      addressable (>= 2.3.5)
      faraday (> 0.8, < 2.0)
    spring (2.1.0)
    spring-watcher-listen (2.0.1)
      listen (>= 2.7, < 4.0)
      spring (>= 1.2, < 3.0)
    sprockets (4.0.0)
      concurrent-ruby (~> 1.0)
      rack (> 1, < 3)
    sprockets-rails (3.2.1)
      actionpack (>= 4.0)
      activesupport (>= 4.0)
      sprockets (>= 3.0.0)
    thor (1.0.1)
    thread_safe (0.3.6)
    tzinfo (1.2.7)
      thread_safe (~> 0.1)
    websocket-driver (0.7.1)
      websocket-extensions (>= 0.1.0)
    websocket-extensions (0.1.4)
    zeitwerk (2.3.0)

PLATFORMS
  ruby

DEPENDENCIES
  bcrypt (~> 3.1.7)
  bootsnap (>= 1.4.2)
  byebug
  factory_bot_rails
  faker!
  fast_jsonapi
  jsonapi_errors_handler (>= 0.2.0)
  listen (>= 3.0.5, < 3.2)
  octokit (~> 4.0)
  pagy (~> 3.5)
  pg (>= 0.18, < 2.0)
  puma (~> 4.3)
  rails (~> 6.0.2, >= 6.0.2.2)
  rspec-rails (>= 4.0.0)
  spring
  spring-watcher-listen (~> 2.0.0)

RUBY VERSION
   ruby 2.7.1p83

BUNDLED WITH
   2.1.4
